GEM
  remote: https://rubygems.org/
  specs:
    require_all (1.3.2)

PLATFORMS
  ruby

DEPENDENCIES
  require_all
